GEM
  remote: https://rubygems.org/
  specs:
    RbST (0.6.5)

PLATFORMS
  ruby

DEPENDENCIES
  RbST

BUNDLED WITH
   1.17.3
