GEM
  remote: https://rubygems.org/
  specs:
    RbST (0.5.1)

PLATFORMS
  ruby

DEPENDENCIES
  RbST

BUNDLED WITH
   1.13.6
